GEM
  remote: https://rubygems.org/
  specs:
    json (1.8.1)
    opal (0.5.5)
      source_map
    opal-jquery (0.1.2)
      opal (~> 0.5.0)
    rake (10.1.1)
    source_map (3.0.1)
      json

PLATFORMS
  ruby

DEPENDENCIES
  opal
  opal-jquery
  rake
